GEM
  remote: http://rubygems.org/
  specs:
    SyslogLogger (1.4.0)
      hoe (>= 1.2.0)
    actionmailer (2.3.8)
      actionpack (= 2.3.8)
    actionpack (2.3.8)
      activesupport (= 2.3.8)
      rack (~> 1.1.0)
    activerecord (2.3.8)
      activesupport (= 2.3.8)
    activeresource (2.3.8)
      activesupport (= 2.3.8)
    activesupport (2.3.8)
    builder (3.0.0)
    capistrano (2.11.2)
      highline
      net-scp (>= 1.0.0)
      net-sftp (>= 2.0.0)
      net-ssh (>= 2.0.14)
      net-ssh-gateway (>= 1.1.0)
    capybara (1.0.0)
      mime-types (>= 1.16)
      nokogiri (>= 1.3.3)
      rack (>= 1.0.0)
      rack-test (>= 0.5.4)
      selenium-webdriver (~> 0.2.0)
      xpath (~> 0.1.4)
    celerity (0.8.9)
    childprocess (0.1.9)
      ffi (~> 1.0.6)
    configuration (1.3.1)
    cucumber (1.1.1)
      builder (>= 2.1.2)
      diff-lcs (>= 1.1.2)
      gherkin (~> 2.6.0)
      json (>= 1.4.6)
      term-ansicolor (>= 1.0.6)
    cucumber-rails (0.3.2)
      cucumber (>= 0.8.0)
    database_cleaner (0.6.7)
    diff-lcs (1.1.3)
    exception_notification (2.3.3.0)
    factory_girl (1.3.2)
    fakeweb (1.3.0)
    ffi (1.0.9)
    gherkin (2.6.2)
      json (>= 1.4.6)
    guard (1.0.0)
      ffi (>= 0.5.0)
      thor (~> 0.14.6)
    guard-rspec (0.6.0)
      guard (>= 0.10.0)
    has_scope (0.5.0)
    highline (1.6.11)
    hoe (2.8.0)
      rake (>= 0.8.7)
    inherited_resources (1.0.6)
      has_scope (~> 0.5.0)
      responders (~> 0.4.6)
    json (1.6.1)
    json_pure (1.6.1)
    launchy (0.3.7)
      configuration (>= 0.0.5)
      rake (>= 0.8.1)
    libnotify (0.7.2)
      ffi (~> 1.0.0)
    mime-types (1.16)
    mysql (2.8.1)
    net-scp (1.0.4)
      net-ssh (>= 1.99.1)
    net-sftp (2.0.5)
      net-ssh (>= 2.0.9)
    net-ssh (2.3.0)
    net-ssh-gateway (1.1.0)
      net-ssh (>= 1.99.1)
    nokogiri (1.4.6)
    pickle (0.4.10)
      cucumber (>= 0.8)
      rake
    rack (1.1.0)
    rack-test (0.6.0)
      rack (>= 1.0)
    rails (2.3.8)
      actionmailer (= 2.3.8)
      actionpack (= 2.3.8)
      activerecord (= 2.3.8)
      activeresource (= 2.3.8)
      activesupport (= 2.3.8)
      rake (>= 0.8.3)
    rake (0.8.7)
    rb-inotify (0.8.8)
      ffi (>= 0.5.0)
    rcov (0.9.9)
    remarkable (3.1.13)
      rspec (>= 1.2.0)
    remarkable_activerecord (3.1.13)
      remarkable (~> 3.1.13)
      rspec (>= 1.2.0)
    remarkable_rails (3.1.13)
      remarkable (~> 3.1.13)
      remarkable_activerecord (~> 3.1.13)
      rspec (>= 1.2.0)
      rspec-rails (>= 1.2.0)
    responders (0.4.7)
    rspec (1.3.1)
    rspec-rails (1.3.3)
      rack (>= 1.0.0)
      rspec (= 1.3.1)
    rtaglib (0.3.0)
    rubyjedi-actionwebservice (2.3.5.20100714122544)
      actionpack (~> 2.3.0)
      activerecord (~> 2.3.0)
      activesupport (~> 2.3.0)
    rubyzip (0.9.4)
    selenium-webdriver (0.2.1)
      childprocess (>= 0.1.7)
      ffi (>= 1.0.7)
      json_pure
      rubyzip
    term-ansicolor (1.0.7)
    thor (0.14.6)
    xpath (0.1.4)
      nokogiri (~> 1.3)

PLATFORMS
  ruby

DEPENDENCIES
  SyslogLogger
  capistrano
  capybara
  celerity
  cucumber
  cucumber-rails (= 0.3.2)
  database_cleaner
  exception_notification
  factory_girl
  fakeweb
  guard
  guard-rspec
  inherited_resources (= 1.0.6)
  launchy
  libnotify
  mysql
  pickle
  rails (= 2.3.8)
  rb-inotify
  rcov
  remarkable_rails
  rspec-rails (< 2)
  rtaglib
  rubyjedi-actionwebservice
